GEM
  remote: https://rubygems.org/
  specs:
    dalli (2.7.0)
    dotenv (0.9.0)
    faraday (0.9.0)
      multipart-post (>= 1.2, < 3)
    foreman (0.63.0)
      dotenv (>= 0.7)
      thor (>= 0.13.6)
    json (1.8.1)
    jsonpath (0.5.6)
      multi_json
    multi_json (1.8.4)
    multipart-post (2.0.0)
    pg (0.17.1)
    puma (1.5.0)
      rack (~> 1.2)
    rack (1.4.1)
    rack-cache (1.2)
      rack (>= 0.4)
    rack-protection (1.5.2)
      rack
    sequel (4.6.0)
    shotgun (0.9)
      rack (>= 1.0)
    sinatra (1.4.4)
      rack (~> 1.4)
      rack-protection (~> 1.4)
      tilt (~> 1.3, >= 1.3.4)
    thor (0.18.1)
    tilt (1.4.1)

PLATFORMS
  ruby

DEPENDENCIES
  dalli
  dotenv
  faraday
  foreman
  json
  jsonpath
  pg
  puma
  rack-cache
  sequel
  shotgun
  sinatra
